GEM
  remote: https://rubygems.org/
  specs:
    embulk (0.8.13-java)
      bundler (>= 1.10.6)
      liquid (~> 3.0.6)
      msgpack (~> 0.7.3)
      rjack-icu (~> 4.54.1.1)
    embulk-filter-ruby_proc (0.7.0)
    embulk-output-postgresql (0.6.4)
    liquid (3.0.6)
    msgpack (0.7.6-java)
    rjack-icu (4.54.1.1-java)

PLATFORMS
  java

DEPENDENCIES
  embulk (~> 0.8.0)
  embulk-filter-ruby_proc
  embulk-output-postgresql

BUNDLED WITH
   1.10.6
